GEM
  remote: http://rubygems.org/
  specs:
    git (1.2.5)
    hpricot (0.8.4)
    jeweler (1.5.2)
      bundler (~> 1.0.0)
      git (>= 1.2.5)
      rake
    mysql2 (0.3.2)
    rake (0.8.7)
    rcov (0.9.9)
    shoulda (2.11.3)
    trollop (1.16.2)

PLATFORMS
  ruby

DEPENDENCIES
  bundler (~> 1.0.0)
  hpricot
  jeweler (~> 1.5.2)
  mysql2
  rake (= 0.8.7)
  rcov
  shoulda
  trollop
